PATH
  remote: .
  specs:
    geckoboard-push (0.1.2)
      httparty (~> 0.11.0)

GEM
  remote: http://rubygems.org/
  specs:
    fakeweb (1.3.0)
    httparty (0.11.0)
      multi_json (~> 1.0)
      multi_xml (>= 0.5.2)
    json (1.8.1)
    metaclass (0.0.4)
    mocha (0.10.5)
      metaclass (~> 0.0.1)
    multi_json (1.10.1)
    multi_xml (0.5.5)
    rake (10.3.2)
    rdoc (4.1.1)
      json (~> 1.4)

PLATFORMS
  ruby

DEPENDENCIES
  fakeweb (~> 1.3.0)
  geckoboard-push!
  mocha (~> 0.10.0)
  rake
  rdoc
